GEM
  remote: http://rubygems.org/
  specs:
    actionpack (3.2.12)
      activemodel (= 3.2.12)
      activesupport (= 3.2.12)
      builder (~> 3.0.0)
      erubis (~> 2.7.0)
      journey (~> 1.0.4)
      rack (~> 1.4.5)
      rack-cache (~> 1.2)
      rack-test (~> 0.6.1)
      sprockets (~> 2.2.1)
    active_utils (1.0.5)
      activesupport (>= 2.3.11)
      i18n
    activemerchant (1.32.1)
      active_utils (>= 1.0.2)
      activesupport (>= 2.3.14)
      builder (>= 2.0.0)
      i18n
      json (>= 1.5.1)
      money
      nokogiri
    activemodel (3.2.12)
      activesupport (= 3.2.12)
      builder (~> 3.0.0)
    activesupport (3.2.12)
      i18n (~> 0.6)
      multi_json (~> 1.0)
    bourne (1.4.0)
      mocha (~> 0.13.2)
    builder (3.0.4)
    erubis (2.7.0)
    git (1.2.5)
    hike (1.2.2)
    i18n (0.6.4)
    jeweler (1.8.4)
      bundler (~> 1.0)
      git (>= 1.2.5)
      rake
      rdoc
    journey (1.0.4)
    json (1.7.7)
    metaclass (0.0.1)
    mocha (0.13.3)
      metaclass (~> 0.0.1)
    money (5.1.1)
      i18n (~> 0.6.0)
    multi_json (1.7.3)
    nokogiri (1.5.9)
    rack (1.4.5)
    rack-cache (1.2)
      rack (>= 0.4)
    rack-test (0.6.2)
      rack (>= 1.0)
    rake (10.0.4)
    rdoc (4.0.1)
      json (~> 1.4)
    shoulda (3.4.0)
      shoulda-context (~> 1.0, >= 1.0.1)
      shoulda-matchers (~> 1.0, >= 1.4.1)
    shoulda-context (1.1.1)
    shoulda-matchers (1.5.6)
      activesupport (>= 3.0.0)
      bourne (~> 1.3)
    simplecov (0.7.1)
      multi_json (~> 1.0)
      simplecov-html (~> 0.7.1)
    simplecov-html (0.7.1)
    sprockets (2.2.2)
      hike (~> 1.2)
      multi_json (~> 1.0)
      rack (~> 1.0)
      tilt (~> 1.1, != 1.3.0)
    tilt (1.4.0)

PLATFORMS
  ruby

DEPENDENCIES
  actionpack (>= 3.0)
  activemerchant (~> 1.10)
  activesupport
  bundler
  jeweler
  mocha
  money
  shoulda
  simplecov
